PATH
  remote: .
  specs:
    ucloud_storage (0.0.3)

GEM
  remote: https://rubygems.org/
  specs:

PLATFORMS
  ruby

DEPENDENCIES
  ucloud_storage!
